GEM
  remote: https://rubygems.org/
  specs:
    aws-sdk (2.6.19)
      aws-sdk-resources (= 2.6.19)
    aws-sdk-core (2.6.19)
      jmespath (~> 1.0)
    aws-sdk-resources (2.6.19)
      aws-sdk-core (= 2.6.19)
    dotenv (2.1.1)
    jmespath (1.3.1)
    rake (11.3.0)
    slack-notifier (1.5.1)

PLATFORMS
  ruby

DEPENDENCIES
  aws-sdk (~> 2.6, >= 2.6.14)
  dotenv (~> 2.1, >= 2.1.1)
  rake (~> 11.3)
  slack-notifier (~> 1.5, >= 1.5.1)

RUBY VERSION
   ruby 2.3.1p112

BUNDLED WITH
   1.12.5
