GEM
  remote: https://rubygems.org/
  specs:
    activesupport (5.0.0.1)
      concurrent-ruby (~> 1.0, >= 1.0.2)
      i18n (~> 0.7)
      minitest (~> 5.1)
      tzinfo (~> 1.1)
    aws-sdk (2.6.19)
      aws-sdk-resources (= 2.6.19)
    aws-sdk-core (2.6.19)
      jmespath (~> 1.0)
    aws-sdk-resources (2.6.19)
      aws-sdk-core (= 2.6.19)
    concurrent-ruby (1.0.2)
    domain_name (0.5.20161021)
      unf (>= 0.0.5, < 1.0.0)
    dotenv (2.1.1)
    http-cookie (1.0.3)
      domain_name (~> 0.5)
    i18n (0.7.0)
    jmespath (1.3.1)
    mailjet (1.4.10)
      activesupport (>= 3.1.0)
      rack (>= 1.4.0)
      rest-client
    mime-types (3.1)
      mime-types-data (~> 3.2015)
    mime-types-data (3.2016.0521)
    minitest (5.9.1)
    netrc (0.11.0)
    rack (2.0.1)
    rake (11.3.0)
    rest-client (2.0.0)
      http-cookie (>= 1.0.2, < 2.0)
      mime-types (>= 1.16, < 4.0)
      netrc (~> 0.8)
    thread_safe (0.3.5)
    tzinfo (1.2.2)
      thread_safe (~> 0.1)
    unf (0.1.4)
      unf_ext
    unf_ext (0.0.7.2)

PLATFORMS
  ruby

DEPENDENCIES
  aws-sdk (~> 2.6, >= 2.6.14)
  dotenv (~> 2.1, >= 2.1.1)
  mailjet (~> 1.4, >= 1.4.10)
  rake (~> 11.3)

RUBY VERSION
   ruby 2.3.1p112

BUNDLED WITH
   1.12.5
